PATH
  remote: .
  specs:
    yao-yrb (1.0.0)
      clamp (~> 1.3.1)
      yao

GEM
  remote: https://rubygems.org/
  specs:
    clamp (1.3.1)
    faraday (0.15.4)
      multipart-post (>= 1.2, < 3)
    faraday_middleware (0.13.1)
      faraday (>= 0.7.4, < 1.0)
    json (2.2.0)
    minitest (5.11.3)
    multipart-post (2.1.1)
    rake (10.5.0)
    yao (0.6.3)
      faraday
      faraday_middleware
      json

PLATFORMS
  ruby

DEPENDENCIES
  bundler (~> 2.0)
  minitest (~> 5.0)
  rake (~> 10.0)
  yao-yrb!

BUNDLED WITH
   2.0.2
